GIT
  remote: https://github.com/2called-chaos/nbtfile.git
  revision: da56ef67c281bc43b741e09d0447ae4502b20d1a
  specs:
    nbtfile (0.3.0)

GEM
  remote: https://www.rubygems.org/
  specs:
    activemodel (5.1.1)
      activesupport (= 5.1.1)
    activerecord (5.1.1)
      activemodel (= 5.1.1)
      activesupport (= 5.1.1)
      arel (~> 8.0)
    activesupport (5.1.1)
      concurrent-ruby (~> 1.0, >= 1.0.2)
      i18n (~> 0.7)
      minitest (~> 5.1)
      tzinfo (~> 1.1)
    arel (8.0.0)
    coderay (1.1.1)
    concurrent-ruby (1.0.5)
    daemons (1.2.4)
    file-tail (1.2.0)
      tins (~> 1.0)
    httparty (0.15.5)
      multi_xml (>= 0.5.2)
    i18n (0.8.4)
    method_source (0.8.2)
    minitest (5.10.2)
    multi_xml (0.6.0)
    mysql2 (0.4.6)
    pry (0.10.4)
      coderay (~> 1.1.0)
      method_source (~> 0.8.1)
      slop (~> 3.4)
    rake (12.0.0)
    slop (3.6.0)
    sqlite3 (1.3.13)
    thread_safe (0.3.6)
    tins (1.14.0)
    tzinfo (1.2.3)
      thread_safe (~> 0.1)

PLATFORMS
  ruby

DEPENDENCIES
  activerecord
  daemons
  file-tail
  httparty
  mysql2
  nbtfile!
  pry
  rake
  sqlite3

BUNDLED WITH
   1.14.3
