GIT
  remote: https://github.com/2called-chaos/nbtfile.git
  revision: da56ef67c281bc43b741e09d0447ae4502b20d1a
  specs:
    nbtfile (0.3.0)

GEM
  remote: https://www.rubygems.org/
  specs:
    activemodel (4.1.4)
      activesupport (= 4.1.4)
      builder (~> 3.1)
    activerecord (4.1.4)
      activemodel (= 4.1.4)
      activesupport (= 4.1.4)
      arel (~> 5.0.0)
    activesupport (4.1.4)
      i18n (~> 0.6, >= 0.6.9)
      json (~> 1.7, >= 1.7.7)
      minitest (~> 5.1)
      thread_safe (~> 0.1)
      tzinfo (~> 1.1)
    arel (5.0.1.20140414130214)
    builder (3.2.2)
    coderay (1.1.0)
    daemons (1.1.9)
    file-tail (1.0.12)
      tins (~> 0.5)
    httparty (0.13.7)
      json (~> 1.8)
      multi_xml (>= 0.5.2)
    i18n (0.6.11)
    json (1.8.1)
    method_source (0.8.2)
    minitest (5.4.0)
    multi_xml (0.5.5)
    mysql2 (0.3.16)
    pry (0.10.0)
      coderay (~> 1.1.0)
      method_source (~> 0.8.1)
      slop (~> 3.4)
    rake (10.3.2)
    slop (3.5.0)
    sqlite3 (1.3.9)
    thread_safe (0.3.4)
    tins (0.8.2)
    tzinfo (1.2.1)
      thread_safe (~> 0.1)

PLATFORMS
  ruby

DEPENDENCIES
  activerecord
  daemons
  file-tail
  httparty
  mysql2
  nbtfile!
  pry
  rake
  sqlite3

BUNDLED WITH
   1.10.5
