GIT
  remote: https://github.com/2called-chaos/nbtfile.git
  revision: da56ef67c281bc43b741e09d0447ae4502b20d1a
  specs:
    nbtfile (0.3.0)

GEM
  remote: https://www.rubygems.org/
  specs:
    activemodel (5.2.8.1)
      activesupport (= 5.2.8.1)
    activerecord (5.2.8.1)
      activemodel (= 5.2.8.1)
      activesupport (= 5.2.8.1)
      arel (>= 9.0)
    activesupport (5.2.8.1)
      concurrent-ruby (~> 1.0, >= 1.0.2)
      i18n (>= 0.7, < 2)
      minitest (~> 5.1)
      tzinfo (~> 1.1)
    arel (9.0.0)
    coderay (1.1.2)
    concurrent-ruby (1.1.10)
    daemons (1.3.1)
    file-tail (1.2.0)
      tins (~> 1.0)
    httparty (0.17.1)
      mime-types (~> 3.0)
      multi_xml (>= 0.5.2)
    i18n (1.11.0)
      concurrent-ruby (~> 1.0)
    method_source (0.9.2)
    mime-types (3.3)
      mime-types-data (~> 3.2015)
    mime-types-data (3.2019.1009)
    minitest (5.16.2)
    multi_xml (0.6.0)
    mysql2 (0.5.2)
    pry (0.12.2)
      coderay (~> 1.1.0)
      method_source (~> 0.9.0)
    rake (13.0.1)
    sqlite3 (1.4.1)
    thread_safe (0.3.6)
    tins (1.22.2)
    tzinfo (1.2.9)
      thread_safe (~> 0.1)

PLATFORMS
  ruby

DEPENDENCIES
  activerecord (< 5.3)
  daemons
  file-tail
  httparty
  mysql2
  nbtfile!
  pry
  rake
  sqlite3

BUNDLED WITH
   1.17.2
